GEM
  remote: http://rubygems.org/
  specs:
    activerecord (2.3.14)
      activesupport (= 2.3.14)
    activesupport (2.3.14)
    akami (1.0.0)
      gyoku (>= 0.4.0)
    builder (3.0.0)
    diff-lcs (1.1.3)
    git (1.2.5)
    gyoku (0.4.4)
      builder (>= 2.1.2)
    httpi (0.9.5)
      rack
    jeweler (1.5.2)
      bundler (~> 1.0.0)
      git (>= 1.2.5)
      rake
    nokogiri (1.5.0)
    nori (1.0.2)
    rack (1.3.4)
    rake (0.9.2)
    rcov (0.9.10)
    rdoc (2.5.11)
    rspec (2.6.0)
      rspec-core (~> 2.6.0)
      rspec-expectations (~> 2.6.0)
      rspec-mocks (~> 2.6.0)
    rspec-core (2.6.4)
    rspec-expectations (2.6.0)
      diff-lcs (~> 1.1.2)
    rspec-mocks (2.6.0)
    savon (0.9.7)
      akami (~> 1.0)
      builder (>= 2.1.2)
      gyoku (>= 0.4.0)
      httpi (~> 0.9)
      nokogiri (>= 1.4.0)
      nori (~> 1.0)
      wasabi (~> 2.0)
    wasabi (2.0.0)
      nokogiri (>= 1.4.0)

PLATFORMS
  ruby

DEPENDENCIES
  activerecord (~> 2.3.5)
  bundler (~> 1.0.0)
  jeweler (~> 1.5.2)
  rcov
  rdoc (~> 2.5.11)
  rspec (~> 2.6)
  savon (>= 0.7.5)
